GEM
  remote: https://rubygems.org/
  specs:
    bcrypt (3.1.20)
    prettier_print (1.2.1)
    syntax_tree (6.2.0)
      prettier_print (>= 1.2.0)

PLATFORMS
  x64-mingw-ucrt

DEPENDENCIES
  bcrypt
  syntax_tree

BUNDLED WITH
   2.4.22
